GIT
  remote: git://git.pressrelations.de/gems/baby_bouncer.git
  revision: 9c67b60d979d626f35f53c0be0dcbb9a0768df82
  specs:
    baby_bouncer (0.0.4)
      composite_primary_keys
      jwt
      rails (>= 4.1)

GIT
  remote: git://git.pressrelations.de/gems/geist.git
  revision: 697cb5189ee03dc4e5265a9b4543f4cdcb9a971e
  specs:
    geist (0.0.2)
      rails (>= 4.1)
      statsd-instrument (>= 2.0)
      sys-uname (>= 0.9)

GIT
  remote: git://git.pressrelations.de/gems/hase.git
  revision: 8052beb8f957e00f256025e4b055bca283b6205b
  specs:
    hase (0.0.2)
      bunny (~> 2.3)

GIT
  remote: git://git.pressrelations.de/gems/jenny.git
  revision: f6b7e092b8ce46d2395b21c0796ebd92ade328b6
  specs:
    jenny (0.0.1)
      rails (>= 4.1)

GIT
  remote: git://git.pressrelations.de/gems/protokoll-rails.git
  revision: 4894cd1e80068cf2b6fb7754c1082beddd42a151
  specs:
    protokoll-rails (0.0.2)
      protokoll
      rails (>= 4.1)

GIT
  remote: git://git.pressrelations.de/gems/protokoll.git
  revision: c7035365fcb02f3c5f446898d69a580aa410cb71
  specs:
    protokoll (0.0.7)
      logstash-event

GIT
  remote: git://git.pressrelations.de/gems/sesam.git
  revision: 479f6a5c1a359df58f983bbf5306b5e83b34866c
  specs:
    sesam (0.0.1)
      rails (>= 4.1)

GIT
  remote: git://git.pressrelations.de/gems/slack.git
  revision: 51f31f8e7b906debce6d3476018a4bf6891051ce
  specs:
    slack (0.0.1)
      rails (~> 4.2)

GIT
  remote: git://git.pressrelations.de/gems/statsd-instrument-config.git
  revision: 2cc19b3421cdf9f486727d3e6ffa07cca6c54ba7
  specs:
    statsd-instrument-config (0.0.2)
      rails (>= 4.1)
      statsd-instrument (>= 2.0)

GIT
  remote: https://github.com/nicolasblanco/rails_param.git
  revision: c806552361b7c820b050bbf52f5a772a2b40048b
  ref: c806552361b7c820b050bbf52f5a772a2b40048b
  specs:
    rails_param (0.9.0)

GEM
  remote: https://rubygems.org/
  specs:
    actionmailer (4.2.7.1)
      actionpack (= 4.2.7.1)
      actionview (= 4.2.7.1)
      activejob (= 4.2.7.1)
      mail (~> 2.5, >= 2.5.4)
      rails-dom-testing (~> 1.0, >= 1.0.5)
    actionpack (4.2.7.1)
      actionview (= 4.2.7.1)
      activesupport (= 4.2.7.1)
      rack (~> 1.6)
      rack-test (~> 0.6.2)
      rails-dom-testing (~> 1.0, >= 1.0.5)
      rails-html-sanitizer (~> 1.0, >= 1.0.2)
    actionview (4.2.7.1)
      activesupport (= 4.2.7.1)
      builder (~> 3.1)
      erubis (~> 2.7.0)
      rails-dom-testing (~> 1.0, >= 1.0.5)
      rails-html-sanitizer (~> 1.0, >= 1.0.2)
    active_model_serializers (0.10.2)
      actionpack (>= 4.1, < 6)
      activemodel (>= 4.1, < 6)
      jsonapi (~> 0.1.1.beta2)
      railties (>= 4.1, < 6)
    activejob (4.2.7.1)
      activesupport (= 4.2.7.1)
      globalid (>= 0.3.0)
    activemodel (4.2.7.1)
      activesupport (= 4.2.7.1)
      builder (~> 3.1)
    activerecord (4.2.7.1)
      activemodel (= 4.2.7.1)
      activesupport (= 4.2.7.1)
      arel (~> 6.0)
    activerecord-sqlserver-adapter (4.2.15)
      activerecord (~> 4.2.1)
    activesupport (4.2.7.1)
      i18n (~> 0.7)
      json (~> 1.7, >= 1.7.7)
      minitest (~> 5.1)
      thread_safe (~> 0.3, >= 0.3.4)
      tzinfo (~> 1.1)
    addressable (2.4.0)
    amq-protocol (2.0.1)
    ansi (1.5.0)
    arel (6.0.3)
    ast (2.3.0)
    builder (3.2.2)
    bunny (2.6.1)
      amq-protocol (>= 2.0.1)
    coderay (1.1.1)
    composite_primary_keys (8.1.4)
      activerecord (~> 4.2.0)
    concurrent-ruby (1.0.2)
    diff-lcs (1.2.5)
    docile (1.1.5)
    erubis (2.7.0)
    factory_girl (4.7.0)
      activesupport (>= 3.0.0)
    factory_girl_rails (4.7.0)
      factory_girl (~> 4.7.0)
      railties (>= 3.0.0)
    faker (1.6.6)
      i18n (~> 0.5)
    ffi (1.9.14)
    formatador (0.2.5)
    globalid (0.3.7)
      activesupport (>= 4.1.0)
    guard (2.14.0)
      formatador (>= 0.2.4)
      listen (>= 2.7, < 4.0)
      lumberjack (~> 1.0)
      nenv (~> 0.1)
      notiffany (~> 0.0)
      pry (>= 0.9.12)
      shellany (~> 0.0)
      thor (>= 0.18.1)
    guard-compat (1.2.1)
    guard-rspec (4.7.3)
      guard (~> 2.1)
      guard-compat (~> 1.1)
      rspec (>= 2.99.0, < 4.0)
    guard-rubocop (1.2.0)
      guard (~> 2.0)
      rubocop (~> 0.20)
    i18n (0.7.0)
    jbuilder (2.6.0)
      activesupport (>= 3.0.0, < 5.1)
      multi_json (~> 1.2)
    json (1.8.3)
    json-schema (2.7.0)
      addressable (>= 2.4)
    json_expressions (0.8.3)
    jsonapi (0.1.1.beta6)
      jsonapi-parser (= 0.1.1.beta3)
      jsonapi-renderer (= 0.1.1.beta1)
    jsonapi-parser (0.1.1.beta3)
    jsonapi-renderer (0.1.1.beta1)
    jwt (1.5.6)
    kaminari (0.17.0)
      actionpack (>= 3.0.0)
      activesupport (>= 3.0.0)
    kgio (2.10.0)
    listen (3.1.5)
      rb-fsevent (~> 0.9, >= 0.9.4)
      rb-inotify (~> 0.9, >= 0.9.7)
      ruby_dep (~> 1.2)
    logstash-event (1.2.02)
    loofah (2.0.3)
      nokogiri (>= 1.5.9)
    lumberjack (1.0.10)
    mail (2.6.4)
      mime-types (>= 1.16, < 4)
    method_source (0.8.2)
    mime-types (3.1)
      mime-types-data (~> 3.2015)
    mime-types-data (3.2016.0521)
    mini_portile2 (2.1.0)
    minitest (5.9.1)
    minitest-reporters (1.1.12)
      ansi
      builder
      minitest (>= 5.0)
      ruby-progressbar
    multi_json (1.12.1)
    nenv (0.3.0)
    nokogiri (1.6.8.1)
      mini_portile2 (~> 2.1.0)
    notiffany (0.1.1)
      nenv (~> 0.1)
      shellany (~> 0.0)
    parser (2.3.1.4)
      ast (~> 2.2)
    powerpack (0.1.1)
    pry (0.10.4)
      coderay (~> 1.1.0)
      method_source (~> 0.8.1)
      slop (~> 3.4)
    pry-rails (0.3.4)
      pry (>= 0.9.10)
    rack (1.6.4)
    rack-cors (0.4.0)
    rack-test (0.6.3)
      rack (>= 1.0)
    rails (4.2.7.1)
      actionmailer (= 4.2.7.1)
      actionpack (= 4.2.7.1)
      actionview (= 4.2.7.1)
      activejob (= 4.2.7.1)
      activemodel (= 4.2.7.1)
      activerecord (= 4.2.7.1)
      activesupport (= 4.2.7.1)
      bundler (>= 1.3.0, < 2.0)
      railties (= 4.2.7.1)
      sprockets-rails
    rails-api (0.4.0)
      actionpack (>= 3.2.11)
      railties (>= 3.2.11)
    rails-deprecated_sanitizer (1.0.3)
      activesupport (>= 4.2.0.alpha)
    rails-dom-testing (1.0.7)
      activesupport (>= 4.2.0.beta, < 5.0)
      nokogiri (~> 1.6.0)
      rails-deprecated_sanitizer (>= 1.0.1)
    rails-html-sanitizer (1.0.3)
      loofah (~> 2.0)
    railties (4.2.7.1)
      actionpack (= 4.2.7.1)
      activesupport (= 4.2.7.1)
      rake (>= 0.8.7)
      thor (>= 0.18.1, < 2.0)
    rainbow (2.1.0)
    raindrops (0.17.0)
    rake (11.3.0)
    rb-fsevent (0.9.8)
    rb-inotify (0.9.7)
      ffi (>= 0.5.0)
    rspec (3.5.0)
      rspec-core (~> 3.5.0)
      rspec-expectations (~> 3.5.0)
      rspec-mocks (~> 3.5.0)
    rspec-core (3.5.4)
      rspec-support (~> 3.5.0)
    rspec-expectations (3.5.0)
      diff-lcs (>= 1.2.0, < 2.0)
      rspec-support (~> 3.5.0)
    rspec-mocks (3.5.0)
      diff-lcs (>= 1.2.0, < 2.0)
      rspec-support (~> 3.5.0)
    rspec-rails (3.5.2)
      actionpack (>= 3.0)
      activesupport (>= 3.0)
      railties (>= 3.0)
      rspec-core (~> 3.5.0)
      rspec-expectations (~> 3.5.0)
      rspec-mocks (~> 3.5.0)
      rspec-support (~> 3.5.0)
    rspec-support (3.5.0)
    rubocop (0.44.1)
      parser (>= 2.3.1.1, < 3.0)
      powerpack (~> 0.1)
      rainbow (>= 1.99.1, < 3.0)
      ruby-progressbar (~> 1.7)
      unicode-display_width (~> 1.0, >= 1.0.1)
    ruby-progressbar (1.8.1)
    ruby_dep (1.5.0)
    shellany (0.0.1)
    simplecov (0.12.0)
      docile (~> 1.1.0)
      json (>= 1.8, < 3)
      simplecov-html (~> 0.10.0)
    simplecov-html (0.10.0)
    slop (3.6.0)
    spring (2.0.0)
      activesupport (>= 4.2)
    spring-commands-rspec (1.0.4)
      spring (>= 0.9.1)
    sprockets (3.7.0)
      concurrent-ruby (~> 1.0)
      rack (> 1, < 3)
    sprockets-rails (3.2.0)
      actionpack (>= 4.0)
      activesupport (>= 4.0)
      sprockets (>= 3.0.0)
    sqlite3 (1.3.12)
    statsd-instrument (2.1.1)
    sys-uname (1.0.2)
      ffi (>= 1.0.0)
    thor (0.19.1)
    thread_safe (0.3.5)
    timecop (0.8.1)
    tiny_tds (1.0.5)
      mini_portile2 (~> 2.0)
    tzinfo (1.2.2)
      thread_safe (~> 0.1)
    unicode-display_width (1.1.1)
    unicorn (5.1.0)
      kgio (~> 2.6)
      raindrops (~> 0.7)
    unicorn-rails (2.2.1)
      rack
      unicorn

PLATFORMS
  ruby

DEPENDENCIES
  active_model_serializers
  activerecord-sqlserver-adapter
  baby_bouncer!
  composite_primary_keys
  factory_girl_rails
  faker
  geist!
  guard-rspec
  guard-rubocop
  hase!
  jbuilder (~> 2.0)
  jenny!
  json-schema
  json_expressions
  kaminari
  minitest-reporters
  protokoll!
  protokoll-rails!
  pry-rails
  rack-cors
  rails
  rails-api
  rails_param!
  rspec-rails
  rubocop
  sesam!
  simplecov
  slack!
  spring
  spring-commands-rspec
  sqlite3
  statsd-instrument-config!
  timecop
  tiny_tds
  unicorn
  unicorn-rails

BUNDLED WITH
   1.12.5
